GEM
  remote: https://rubygems.org/
  specs:
    allure-cucumber (0.6.1)
      allure-ruby-adaptor-api (>= 0.7.1)
      cucumber (>= 2.0.0)
    allure-ruby-adaptor-api (0.7.2)
      mimemagic
      nokogiri (~> 1.7)
      uuid
    builder (3.2.3)
    childprocess (0.9.0)
      ffi (~> 1.0, >= 1.0.11)
    cucumber (2.0.2)
      builder (>= 2.1.2)
      cucumber-core (~> 1.2.0)
      diff-lcs (>= 1.1.3)
      gherkin (~> 2.12)
      multi_json (>= 1.7.5, < 2.0)
      multi_test (>= 0.1.2)
    cucumber-core (1.2.0)
      gherkin (~> 2.12.0)
    diff-lcs (1.3)
    ffi (1.9.24)
    gherkin (2.12.0)
      multi_json (~> 1.3)
    headless (0.2.2)
    json (2.1.0)
    macaddr (1.7.1)
      systemu (~> 2.6.2)
    mimemagic (0.4.3)
      nokogiri (~> 1)
      rake
    mini_portile2 (2.5.1)
    minitest (4.3.2)
    multi_json (1.13.1)
    multi_test (0.1.2)
    nokogiri (1.11.4)
      mini_portile2 (~> 2.5.0)
      racc (~> 1.4)
    racc (1.5.2)
    rake (13.0.3)
    regexp_parser (1.3.0)
    rspec (3.4.0)
      rspec-core (~> 3.4.0)
      rspec-expectations (~> 3.4.0)
      rspec-mocks (~> 3.4.0)
    rspec-core (3.4.4)
      rspec-support (~> 3.4.0)
    rspec-expectations (3.4.0)
      diff-lcs (>= 1.2.0, < 2.0)
      rspec-support (~> 3.4.0)
    rspec-mocks (3.4.1)
      diff-lcs (>= 1.2.0, < 2.0)
      rspec-support (~> 3.4.0)
    rspec-support (3.4.1)
    rubyzip (1.2.2)
    selenium-webdriver (3.141.0)
      childprocess (~> 0.5)
      rubyzip (~> 1.2, >= 1.2.2)
    syntax (1.2.2)
    systemu (2.6.5)
    titleize (1.2.1)
    uuid (2.3.9)
      macaddr (~> 1.0)
    watir (6.15.1)
      regexp_parser (~> 1.2)
      selenium-webdriver (~> 3.4, >= 3.4.1)
    watir-webdriver (0.9.9)
      selenium-webdriver (>= 2.46.2)

PLATFORMS
  ruby

DEPENDENCIES
  allure-cucumber
  cucumber (= 2.0.2)
  ffi (= 1.9.24)
  gherkin (<= 2.12)
  headless (= 0.2.2)
  json
  minitest (= 4.3.2)
  rspec (= 3.4.0)
  rspec-expectations
  selenium-webdriver
  syntax
  titleize (= 1.2.1)
  watir
  watir-webdriver

BUNDLED WITH
   1.17.1
